GEM
  remote: https://rubygems.org/
  specs:
    better_errors (2.0.0)
      coderay (>= 1.0.0)
      erubis (>= 2.6.6)
      rack (>= 0.9.0)
    coderay (1.1.0)
    erubis (2.7.0)
    jsmin (1.0.1)
    rack (1.5.2)
    rack-protection (1.5.3)
      rack
    rack-test (0.6.2)
      rack (>= 1.0)
    sinatra (1.4.5)
      rack (~> 1.4)
      rack-protection (~> 1.4)
      tilt (~> 1.3, >= 1.3.4)
    sinatra-assetpack (0.3.3)
      jsmin
      rack-test
      sinatra
      tilt (>= 1.3.0, < 2.0)
    sinatra-partial (0.4.0)
      sinatra
    tilt (1.4.1)

PLATFORMS
  ruby

DEPENDENCIES
  better_errors
  sinatra
  sinatra-assetpack
  sinatra-partial
